GEM
  remote: https://rubygems.org/
  specs:
    abstract (1.0.0)
    actionmailer (2.3.18)
      actionpack (= 2.3.18)
    actionpack (2.3.18)
      activesupport (= 2.3.18)
      rack (~> 1.1.0)
    activerecord (2.3.18)
      activesupport (= 2.3.18)
    activeresource (2.3.18)
      activesupport (= 2.3.18)
    activesupport (2.3.18)
    annotate (2.4.0)
    authlogic (2.1.6)
      activesupport
    bitly (0.5.5)
      crack (>= 0.1.4)
      httparty (>= 0.5.2)
    builder (3.0.0)
    cancan (1.4.1)
    coderay (1.1.0)
    columnize (0.3.2)
    compass (0.10.6)
      haml (>= 3.0.4)
    couchrest (0.38)
      json (= 1.2.4)
      mime-types (>= 1.15)
      rest-client (>= 0.5)
    crack (0.1.8)
    daemon_controller (0.2.6)
    erubis (2.6.6)
      abstract (>= 1.0.0)
    faker (0.3.1)
    fastthread (1.0.7)
    file-tail (1.0.5)
      spruz (>= 0.1.0)
    gravtastic (2.2.0)
    haml (3.0.25)
    hoe (3.22.1)
      rake (>= 0.8, < 15.0)
    hoptoad_notifier (2.4.9)
      activesupport
      builder
    httparty (0.6.1)
      crack (= 0.1.8)
    json (1.2.4)
    json_pure (1.5.1)
    linecache (0.43)
    machinist (1.0.6)
    markup_validity (1.1.0)
      nokogiri (>= 1.3.1)
    maruku (0.6.0)
      syntax (>= 1.0.0)
    method_source (0.8.2)
    mime-types (1.16)
    minitest (1.7.2)
    mysql (2.8.1)
    nokogiri (1.4.4)
    oauth (0.4.4)
    passenger (3.0.5)
      daemon_controller (>= 0.2.5)
      fastthread (>= 1.0.1)
      file-tail
      rack
      rake (>= 0.8.1)
    polyglot (0.3.1)
    pry (0.9.12.6)
      coderay (~> 1.0)
      method_source (~> 0.8)
      slop (~> 3.4)
    query_diet (0.2.2)
      rails (~> 2.3)
      rspec (~> 1.3)
      rspec-rails (~> 1.3)
    rack (1.1.6)
    rack-test (0.6.0)
      rack (>= 1.0)
    rails (2.3.18)
      actionmailer (= 2.3.18)
      actionpack (= 2.3.18)
      activerecord (= 2.3.18)
      activeresource (= 2.3.18)
      activesupport (= 2.3.18)
      rake (>= 0.8.3)
    rake (13.0.1)
    rdoc (2.4.3)
      hoe (>= 1.12.1)
      minitest (~> 1.3)
    recaptcha (0.2.3)
    remarkable (3.1.13)
      rspec (>= 1.2.0)
    remarkable_activerecord (3.1.13)
      remarkable (~> 3.1.13)
      rspec (>= 1.2.0)
    remarkable_rails (3.1.13)
      remarkable (~> 3.1.13)
      remarkable_activerecord (~> 3.1.13)
      rspec (>= 1.2.0)
      rspec-rails (>= 1.2.0)
    rest-client (1.6.1)
      mime-types (>= 1.16)
    rpx_now (0.6.24)
      json_pure
    rspec (1.3.2)
    rspec-rails (1.3.4)
      rack (>= 1.0.0)
      rspec (~> 1.3.1)
    ruby-debug (0.10.4)
      columnize (>= 0.1)
      ruby-debug-base (~> 0.10.4.0)
    ruby-debug-base (0.10.4)
      linecache (>= 0.3)
    slop (3.5.0)
    spruz (0.2.6)
    syntax (1.0.0)
    timeline_fu (0.3.0)
    treetop (1.4.9)
      polyglot (>= 0.3.1)
    treetop-dcf (0.2.1)
      treetop (>= 1.2.5)
    webrat (0.7.3)
      nokogiri (>= 1.2.0)
      rack (>= 1.0)
      rack-test (>= 0.5.3)
    will_paginate (2.3.15)
    wirble (0.1.3)
    yajl-ruby (0.7.9)

PLATFORMS
  ruby

DEPENDENCIES
  annotate
  authlogic (~> 2.1.6)
  bitly (~> 0.5.3)
  cancan (~> 1.4.0)
  compass (~> 0.10.5)
  couchrest (~> 0.37)
  erubis (~> 2.6.6)
  faker (~> 0.3.1)
  gravtastic (~> 2.2.0)
  haml (~> 3.0.22)
  hoptoad_notifier (~> 2.4)
  machinist (~> 1.0.6)
  markup_validity (~> 1.1.0)
  maruku (~> 0.6.0)
  mysql (~> 2.8.1)
  nokogiri (~> 1.4.4)
  oauth (~> 0.4.4)
  passenger (= 3.0.5)
  pry (~> 0.9.12.6)
  query_diet
  rails (= 2.3.18)
  rdoc (~> 2.4.2)
  recaptcha (~> 0.2.3)
  remarkable_rails (~> 3.1.13)
  rpx_now (~> 0.6.23)
  rspec-rails (~> 1.3.4)
  ruby-debug
  timeline_fu (~> 0.3.0)
  treetop-dcf (~> 0.2.1)
  webrat (~> 0.7.2)
  will_paginate (~> 2.3.15)
  wirble
  yajl-ruby (~> 0.7.8)
